GEM
  remote: https://rubygems.org/
  specs:
    actionmailer (3.2.5)
      actionpack (= 3.2.5)
      mail (~> 2.4.4)
    actionpack (3.2.5)
      activemodel (= 3.2.5)
      activesupport (= 3.2.5)
      builder (~> 3.0.0)
      erubis (~> 2.7.0)
      journey (~> 1.0.1)
      rack (~> 1.4.0)
      rack-cache (~> 1.2)
      rack-test (~> 0.6.1)
      sprockets (~> 2.1.3)
    activemodel (3.2.5)
      activesupport (= 3.2.5)
      builder (~> 3.0.0)
    activerecord (3.2.5)
      activemodel (= 3.2.5)
      activesupport (= 3.2.5)
      arel (~> 3.0.2)
      tzinfo (~> 0.3.29)
    activeresource (3.2.5)
      activemodel (= 3.2.5)
      activesupport (= 3.2.5)
    activesupport (3.2.5)
      i18n (~> 0.6)
      multi_json (~> 1.0)
    arel (3.0.2)
    bcrypt-ruby (3.0.1)
    binding_of_caller (0.7.2)
      debug_inspector (>= 0.0.1)
    bond (0.4.3)
    bson (1.5.2)
    bson_ext (1.5.2)
      bson (= 1.5.2)
    builder (3.0.4)
    coderay (1.0.9)
    columnize (0.3.6)
    daemons (1.1.9)
    debug_inspector (0.0.2)
    debugger (1.6.0)
      columnize (>= 0.3.1)
      debugger-linecache (~> 1.2.0)
      debugger-ruby_core_source (~> 1.2.1)
    debugger-linecache (1.2.0)
    debugger-ruby_core_source (1.2.2)
    devise (2.0.4)
      bcrypt-ruby (~> 3.0)
      orm_adapter (~> 0.0.3)
      railties (~> 3.1)
      warden (~> 1.1.1)
    diff-lcs (1.1.3)
    doorkeeper (0.6.7)
      railties (~> 3.1)
    erubis (2.7.0)
    eventmachine (1.0.3)
    hike (1.2.3)
    i18n (0.6.4)
    interception (0.3)
    jist (1.5.1)
      json
    journey (1.0.4)
    json (1.8.0)
    mail (2.4.4)
      i18n (>= 0.4.0)
      mime-types (~> 1.16)
      treetop (~> 1.4.8)
    method_source (0.8.1)
    mime-types (1.23)
    mongo (1.5.2)
      bson (= 1.5.2)
    mongoid (2.4.6)
      activemodel (~> 3.1)
      mongo (~> 1.3)
      tzinfo (~> 0.3.22)
    mongoid-rspec (1.4.5)
      mongoid (>= 2.4.6)
      rake
      rspec (>= 2.9)
    multi_json (1.7.7)
    oj (2.1.1)
    orm_adapter (0.0.7)
    polyglot (0.3.3)
    pry (0.9.12.2)
      coderay (~> 1.0.5)
      method_source (~> 0.8)
      slop (~> 3.4)
    pry-debugger (0.2.2)
      debugger (~> 1.3)
      pry (~> 0.9.10)
    pry-doc (0.4.6)
      pry (>= 0.9)
      yard (>= 0.8)
    pry-docmore (0.1.1)
      pry
      pry-doc
    pry-plus (1.0.0)
      bond
      jist
      pry-debugger
      pry-doc
      pry-docmore
      pry-rescue
      pry-stack_explorer
    pry-rescue (1.1.1)
      interception (>= 0.3)
      pry
    pry-stack_explorer (0.4.9)
      binding_of_caller (>= 0.7)
      pry (~> 0.9.11)
    rack (1.4.5)
    rack-cache (1.2)
      rack (>= 0.4)
    rack-ssl (1.3.3)
      rack
    rack-test (0.6.2)
      rack (>= 1.0)
    rails (3.2.5)
      actionmailer (= 3.2.5)
      actionpack (= 3.2.5)
      activerecord (= 3.2.5)
      activeresource (= 3.2.5)
      activesupport (= 3.2.5)
      bundler (~> 1.0)
      railties (= 3.2.5)
    rails-api (0.0.2)
      actionpack (>= 3.2.0)
      railties (>= 3.2.0)
      tzinfo (~> 0.3.31)
    railties (3.2.5)
      actionpack (= 3.2.5)
      activesupport (= 3.2.5)
      rack-ssl (~> 1.3.2)
      rake (>= 0.8.7)
      rdoc (~> 3.4)
      thor (>= 0.14.6, < 2.0)
    rake (10.0.4)
    rdoc (3.12.2)
      json (~> 1.4)
    redis (3.0.4)
    redis-actionpack (3.2.3)
      actionpack (~> 3.2.3)
      redis-rack (~> 1.4.0)
      redis-store (~> 1.1.0)
    redis-activesupport (3.2.3)
      activesupport (~> 3.2.3)
      redis-store (~> 1.1.0)
    redis-rack (1.4.2)
      rack (~> 1.4.1)
      redis-store (~> 1.1.0)
    redis-rails (3.2.3)
      redis-actionpack (~> 3.2.3)
      redis-activesupport (~> 3.2.3)
      redis-store (~> 1.1.0)
    redis-store (1.1.3)
      redis (>= 2.2.0)
    rspec (2.9.0)
      rspec-core (~> 2.9.0)
      rspec-expectations (~> 2.9.0)
      rspec-mocks (~> 2.9.0)
    rspec-core (2.9.0)
    rspec-expectations (2.9.1)
      diff-lcs (~> 1.1.3)
    rspec-mocks (2.9.0)
    rspec-rails (2.9.0)
      actionpack (>= 3.0)
      activesupport (>= 3.0)
      railties (>= 3.0)
      rspec (~> 2.9.0)
    slop (3.4.5)
    sprockets (2.1.3)
      hike (~> 1.2)
      rack (~> 1.0)
      tilt (~> 1.1, != 1.3.0)
    sqlite3 (1.3.7)
    thin (1.5.1)
      daemons (>= 1.0.9)
      eventmachine (>= 0.12.6)
      rack (>= 1.0.0)
    thor (0.18.1)
    tilt (1.4.1)
    treetop (1.4.14)
      polyglot
      polyglot (>= 0.3.1)
    tzinfo (0.3.37)
    warden (1.1.1)
      rack (>= 1.0)
    yard (0.8.6.1)

PLATFORMS
  ruby

DEPENDENCIES
  bson_ext (= 1.5.2)
  devise (= 2.0.4)
  doorkeeper
  mongoid (= 2.4.6)
  mongoid-rspec (= 1.4.5)
  oj
  pry-plus
  rails (= 3.2.5)
  rails-api
  redis-rails (= 3.2.3)
  redis-store (= 1.1.3)
  rspec-rails (= 2.9.0)
  sqlite3
  thin
